PATH
  remote: .
  specs:
    carbidsetup (0.1.0)
      highline
      nokogiri (~> 1.7.1)

GEM
  remote: https://rubygems.org/
  specs:
    coderay (1.1.1)
    highline (1.7.8)
    method_source (0.8.2)
    mini_portile2 (2.1.0)
    nokogiri (1.7.1)
      mini_portile2 (~> 2.1.0)
    pry (0.10.4)
      coderay (~> 1.1.0)
      method_source (~> 0.8.1)
      slop (~> 3.4)
    rake (10.5.0)
    slop (3.6.0)

PLATFORMS
  ruby

DEPENDENCIES
  bundler (~> 1.14)
  carbidsetup!
  pry
  rake (~> 10.0)

BUNDLED WITH
   1.14.6
