PATH
  remote: .
  specs:
    carbidsetup (0.1.0)
      highline
      nokogiri
      xcodeproj

GEM
  remote: https://rubygems.org/
  specs:
    CFPropertyList (2.3.5)
    activesupport (5.0.2)
      concurrent-ruby (~> 1.0, >= 1.0.2)
      i18n (~> 0.7)
      minitest (~> 5.1)
      tzinfo (~> 1.1)
    claide (1.0.1)
    colored (1.2)
    concurrent-ruby (1.0.5)
    highline (1.7.8)
    i18n (0.8.1)
    mini_portile2 (2.1.0)
    minitest (5.10.1)
    nanaimo (0.2.3)
    nokogiri (1.7.1)
      mini_portile2 (~> 2.1.0)
    rake (10.5.0)
    thread_safe (0.3.6)
    tzinfo (1.2.3)
      thread_safe (~> 0.1)
    xcodeproj (1.4.2)
      CFPropertyList (~> 2.3.3)
      activesupport (>= 3)
      claide (>= 1.0.1, < 2.0)
      colored (~> 1.2)
      nanaimo (~> 0.2.3)

PLATFORMS
  ruby

DEPENDENCIES
  bundler (~> 1.14)
  carbidsetup!
  rake (~> 10.0)

BUNDLED WITH
   1.14.6
